GEM
  remote: https://rubygems.org/
  specs:
    RubySunrise (0.3.3)
      tzinfo
    concurrent-ruby (1.1.10)
    domain_name (0.5.20190701)
      unf (>= 0.0.5, < 1.0.0)
    dotenv (2.8.1)
    haml (6.0.12)
      temple (>= 0.8.2)
      thor
      tilt
    http-accept (1.7.0)
    http-cookie (1.0.5)
      domain_name (~> 0.5)
    kgio (2.11.4)
    mime-types (3.4.1)
      mime-types-data (~> 3.2015)
    mime-types-data (3.2022.0105)
    mustermann (3.0.0)
      ruby2_keywords (~> 0.0.1)
    netrc (0.11.0)
    rack (2.2.4)
    rack-protection (3.0.4)
      rack
    raindrops (0.20.0)
    rest-client (2.1.0)
      http-accept (>= 1.7.0, < 2.0)
      http-cookie (>= 1.0.2, < 2.0)
      mime-types (>= 1.16, < 4.0)
      netrc (~> 0.8)
    ruby2_keywords (0.0.5)
    sinatra (3.0.4)
      mustermann (~> 3.0)
      rack (~> 2.2, >= 2.2.4)
      rack-protection (= 3.0.4)
      tilt (~> 2.0)
    temple (0.9.1)
    thor (1.2.1)
    tilt (2.0.11)
    tzinfo (2.0.5)
      concurrent-ruby (~> 1.0)
    unf (0.1.4)
      unf_ext
    unf_ext (0.0.8.2)
    unicorn (6.1.0)
      kgio (~> 2.6)
      raindrops (~> 0.7)

PLATFORMS
  ruby

DEPENDENCIES
  RubySunrise
  dotenv
  haml
  rest-client
  sinatra
  tzinfo
  unicorn

BUNDLED WITH
   2.1.4
